PATH
  remote: .
  specs:
    client-api (0.4.1)
      json-schema (~> 2.8)
      logger (~> 1.0)

GEM
  remote: https://rubygems.org/
  specs:
    addressable (2.7.0)
      public_suffix (>= 2.0.2, < 5.0)
    byebug (11.0.1)
    diff-lcs (1.3)
    dogapi (1.39.0)
      multi_json
    json-schema (2.8.1)
      addressable (>= 2.4)
    logger (1.4.1)
    multi_json (1.14.1)
    public_suffix (4.0.1)
    rake (13.0.0)
    rspec (3.9.0)
      rspec-core (~> 3.9.0)
      rspec-expectations (~> 3.9.0)
      rspec-mocks (~> 3.9.0)
    rspec-core (3.9.0)
      rspec-support (~> 3.9.0)
    rspec-expectations (3.9.0)
      diff-lcs (>= 1.2.0, < 2.0)
      rspec-support (~> 3.9.0)
    rspec-mocks (3.9.0)
      diff-lcs (>= 1.2.0, < 2.0)
      rspec-support (~> 3.9.0)
    rspec-support (3.9.0)

PLATFORMS
  ruby

DEPENDENCIES
  bundler
  byebug (~> 11.0)
  client-api!
  dogapi
  rake
  rspec (~> 3.0)

BUNDLED WITH
   2.0.2
